GEM
  remote: https://rubygems.org/
  specs:
    dry-cli (1.0.0)
    zeitwerk (2.6.6)

PLATFORMS
  arm64-darwin-22

DEPENDENCIES
  dry-cli (~> 1.0)
  zeitwerk (~> 2.6)

BUNDLED WITH
   2.4.2
